GEM
  remote: https://rubygems.org/
  specs:
    rubyzip (1.1.6)
    write_xlsx (0.77.2)
      rubyzip (>= 1.0.0)
      zip-zip
    zip-zip (0.3)
      rubyzip (>= 1.0.0)

PLATFORMS
  ruby

DEPENDENCIES
  write_xlsx (~> 0.77)
