GEM
  remote: https://rubygems.org/
  specs:
    docile (1.1.5)
    json (1.8.3)
    minitest (5.8.4)
    rake (11.1.0)
    rubyzip (1.2.0)
    simplecov (0.11.2)
      docile (~> 1.1.0)
      json (~> 1.8)
      simplecov-html (~> 0.10.0)
    simplecov-html (0.10.0)
    table_transform (0.5.0)
    write_xlsx (0.83.0)
      rubyzip (>= 1.0.0)
      zip-zip
    zip-zip (0.3)
      rubyzip (>= 1.0.0)

PLATFORMS
  ruby

DEPENDENCIES
  minitest (~> 5.4)
  rake
  simplecov
  table_transform (~> 0.5)
  write_xlsx (~> 0.77)

BUNDLED WITH
   1.11.2
